PATH
  remote: .
  specs:
    shadowsocks (0.12)
      eventmachine (= 1.0.7)
      ffi (~> 1.9.0)
      json (~> 1.8.0)

GEM
  remote: http://rubygems.org/
  specs:
    eventmachine (1.0.7)
    ffi (1.9.10)
    json (1.8.3)
    metaclass (0.0.2)
    minitest (5.8.1)
    mocha (1.0.0)
      metaclass (~> 0.0.1)
    rake (10.1.0)
    rake-compiler (0.9.2)
      rake
    timecop (0.8.0)

PLATFORMS
  ruby

DEPENDENCIES
  minitest (~> 5.8.1)
  mocha (~> 1.0.0)
  rake
  rake-compiler (~> 0.9.2)
  shadowsocks!
  timecop (~> 0.8.0)
