PATH
  remote: .
  specs:
    shadowsocks (0.1)
      eventmachine (~> 1.0.3)
      json (~> 1.8.0)

GEM
  remote: http://rubygems.org/
  specs:
    eventmachine (1.0.3)
    json (1.8.0)
    metaclass (0.0.1)
    mocha (0.14.0)
      metaclass (~> 0.0.1)
    rake (10.1.0)

PLATFORMS
  ruby

DEPENDENCIES
  mocha (~> 0.14.0)
  rake
  shadowsocks!
