PATH
  remote: .
  specs:
    shadowsocks (0.11)
      celluloid-io (~> 0.15.0)
      eventmachine (~> 1.0.3)
      ffi (~> 1.9.0)
      json (~> 1.8.0)

GEM
  remote: http://rubygems.org/
  specs:
    celluloid (0.15.2)
      timers (~> 1.1.0)
    celluloid-io (0.15.0)
      celluloid (>= 0.15.0)
      nio4r (>= 0.5.0)
    eventmachine (1.0.3)
    ffi (1.9.3)
    json (1.8.1)
    minitest (5.3.2)
    nio4r (1.0.0)
    rake (10.2.2)
    rake-compiler (0.9.2)
      rake
    timers (1.1.0)

PLATFORMS
  ruby

DEPENDENCIES
  minitest (~> 5.3.2)
  rake (~> 10.2.2)
  rake-compiler (~> 0.9.2)
  shadowsocks!
